PATH
  remote: .
  specs:
    uvc (0.1.0)
      libusb

GEM
  remote: https://rubygems.org/
  specs:
    ffi (1.11.2)
    libusb (0.6.4)
      ffi (~> 1.0)
      mini_portile2 (~> 2.1)
    mini_portile2 (2.4.0)
    minitest (5.13.0)
    rake (10.5.0)

PLATFORMS
  ruby

DEPENDENCIES
  bundler (~> 2.0)
  minitest (~> 5.0)
  rake (~> 10.0)
  uvc!

BUNDLED WITH
   2.0.2
